GEM
  remote: https://rubygems.org/
  specs:
    actionmailer (3.2.15)
      actionpack (= 3.2.15)
      mail (~> 2.5.4)
    actionpack (3.2.15)
      activemodel (= 3.2.15)
      activesupport (= 3.2.15)
      builder (~> 3.0.0)
      erubis (~> 2.7.0)
      journey (~> 1.0.4)
      rack (~> 1.4.5)
      rack-cache (~> 1.2)
      rack-test (~> 0.6.1)
      sprockets (~> 2.2.1)
    activemodel (3.2.15)
      activesupport (= 3.2.15)
      builder (~> 3.0.0)
    activerecord (3.2.15)
      activemodel (= 3.2.15)
      activesupport (= 3.2.15)
      arel (~> 3.0.2)
      tzinfo (~> 0.3.29)
    activerecord-jdbc-adapter (1.3.7)
      activerecord (>= 2.2)
    activerecord-jdbcpostgresql-adapter (1.3.7)
      activerecord-jdbc-adapter (~> 1.3.7)
      jdbc-postgres (>= 9.1)
    activeresource (3.2.15)
      activemodel (= 3.2.15)
      activesupport (= 3.2.15)
    activesupport (3.2.15)
      i18n (~> 0.6, >= 0.6.4)
      multi_json (~> 1.0)
    addressable (2.3.5)
    arel (3.0.3)
    atomic (1.1.14)
    atomic (1.1.14-java)
    awesome_print (1.2.0)
    bcrypt-ruby (3.1.2)
    bcrypt-ruby (3.1.2-java)
    bouncy-castle-java (1.5.0147)
    bson (1.9.2)
    bson (1.9.2-java)
    bugsnag (1.8.4)
      httparty (>= 0.6, < 1.0)
      multi_json (~> 1.0)
    builder (3.0.4)
    carrierwave (0.9.0)
      activemodel (>= 3.2.0)
      activesupport (>= 3.2.0)
      json (>= 1.7)
    dalli (2.6.4)
    darstellung (0.0.1)
    devise (3.2.1)
      bcrypt-ruby (~> 3.0)
      orm_adapter (~> 0.1)
      railties (>= 3.2.6, < 5)
      thread_safe (~> 0.1)
      warden (~> 1.2.3)
    erubis (2.7.0)
    eventmachine (1.0.3)
    eventmachine (1.0.3-java)
    excon (0.28.0)
    execjs (2.0.2)
    faraday (0.8.8)
      multipart-post (~> 1.2.0)
    fb-channel-file (0.0.2)
      rails (>= 3.0)
    figaro (0.7.0)
      bundler (~> 1.0)
      rails (>= 3, < 5)
    fog (1.18.0)
      builder
      excon (~> 0.28.0)
      formatador (~> 0.2.0)
      mime-types
      multi_json (~> 1.0)
      net-scp (~> 1.1)
      net-ssh (>= 2.1.3)
      nokogiri (~> 1.5)
      ruby-hmac
    foreigner (1.6.0)
      activerecord (>= 3.0.0)
    formatador (0.2.4)
    geocoder (1.1.8)
    google_movies (0.0.4)
    gravtastic (3.2.6)
    hashie (2.0.5)
    hike (1.2.3)
    httparty (0.13.0)
      json (~> 1.8)
      multi_xml (>= 0.5.2)
    httpauth (0.2.0)
    httpclient (2.3.4.1)
    i18n (0.6.5)
    jdbc-postgres (9.3.1101)
    journey (1.0.4)
    jquery-rails (3.0.4)
      railties (>= 3.0, < 5.0)
      thor (>= 0.14, < 2.0)
    jruby-openssl (0.9.4)
      bouncy-castle-java (>= 1.5.0147)
    json (1.8.1)
    json (1.8.1-java)
    jwt (0.1.8)
      multi_json (>= 1.5)
    kaminari (0.14.1)
      actionpack (>= 3.0.0)
      activesupport (>= 3.0.0)
    koala (1.6.0)
      addressable (~> 2.2)
      faraday (~> 0.8)
      multi_json (~> 1.3)
    log4r (1.1.10)
    mail (2.5.4)
      mime-types (~> 1.16)
      treetop (~> 1.4.8)
    masonry-rails (0.2.0)
      rails
    memcachier (0.0.2)
    meta-tags (1.5.0)
      actionpack
    metaclass (0.0.1)
    mime-types (1.25)
    mini_magick (3.6.0)
      subexec (~> 0.2.1)
    mini_portile (0.5.2)
    mocha (0.14.0)
      metaclass (~> 0.0.1)
    mongo (1.9.2)
      bson (~> 1.9.2)
    mongoid (3.1.5)
      activemodel (~> 3.2)
      moped (~> 1.4)
      origin (~> 1.0)
      tzinfo (~> 0.3.29)
    moped (1.5.1)
    multi_json (1.8.4)
    multi_xml (0.5.5)
    multipart-post (1.2.0)
    net-http-persistent (2.9.1)
    net-scp (1.1.2)
      net-ssh (>= 2.6.5)
    net-ssh (2.7.0)
    netflix4r (0.2.0)
      activesupport
      activesupport
      json
      json
      nokogiri
      nokogiri
      ruby-hmac
      ruby-hmac
    newrelic_rpm (3.5.6.55)
    nokogiri (1.6.0)
      mini_portile (~> 0.5.0)
    nokogiri (1.6.0-java)
      mini_portile (~> 0.5.0)
    oauth (0.4.7)
    oauth2 (0.8.1)
      faraday (~> 0.8)
      httpauth (~> 0.1)
      jwt (~> 0.1.4)
      multi_json (~> 1.0)
      rack (~> 1.2)
    omniauth (1.1.4)
      hashie (>= 1.2, < 3)
      rack
    omniauth-facebook (1.5.1)
      omniauth-oauth2 (~> 1.1.0)
    omniauth-google-oauth2 (0.2.1)
      omniauth (~> 1.0)
      omniauth-oauth2
    omniauth-netflix (0.3.0)
      multi_json (~> 1.0)
      omniauth-oauth (~> 1.0)
    omniauth-oauth (1.0.1)
      oauth
      omniauth (~> 1.0)
    omniauth-oauth2 (1.1.1)
      oauth2 (~> 0.8.0)
      omniauth (~> 1.0)
    omniauth-twitter (1.0.1)
      multi_json (~> 1.3)
      omniauth-oauth (~> 1.0)
    omniauth-vimeo (1.0.1)
      multi_json (~> 1.3)
      omniauth-oauth (~> 1.0)
    origin (1.1.0)
    orm_adapter (0.5.0)
    polyglot (0.3.3)
    puma (2.6.0)
      rack (>= 1.1, < 2.0)
    puma (2.6.0-java)
      rack (>= 1.1, < 2.0)
    pusher (0.12.0)
      httpclient (~> 2.3.0)
      multi_json (~> 1.0)
      signature (~> 0.1.6)
    rabl (0.9.1)
      activesupport (>= 2.3.14)
    rack (1.4.5)
    rack-block (0.1.1)
      rack (>= 1.3)
    rack-cache (1.2)
      rack (>= 0.4)
    rack-iframe (0.0.3)
      rack
    rack-ssl (1.3.3)
      rack
    rack-test (0.6.2)
      rack (>= 1.0)
    rails (3.2.15)
      actionmailer (= 3.2.15)
      actionpack (= 3.2.15)
      activerecord (= 3.2.15)
      activeresource (= 3.2.15)
      activesupport (= 3.2.15)
      bundler (~> 1.0)
      railties (= 3.2.15)
    railties (3.2.15)
      actionpack (= 3.2.15)
      activesupport (= 3.2.15)
      rack-ssl (~> 1.3.2)
      rake (>= 0.8.7)
      rdoc (~> 3.4)
      thor (>= 0.14.6, < 2.0)
    rake (10.1.0)
    rapns (3.4.1)
      multi_json (~> 1.0)
      net-http-persistent
    rapns (3.4.1-java)
      activerecord-jdbc-adapter
      jruby-openssl
      multi_json (~> 1.0)
      net-http-persistent
    rdoc (3.12.2)
      json (~> 1.4)
    rest-client (1.6.7)
      mime-types (>= 1.16)
    ruby-hmac (0.4.0)
    sass (3.2.12)
    sass-rails (3.2.6)
      railties (~> 3.2.0)
      sass (>= 3.1.10)
      tilt (~> 1.3)
    signature (0.1.7)
    simple_form (2.1.0)
      actionpack (~> 3.0)
      activemodel (~> 3.0)
    sitemap_generator (4.3.0)
      builder
    sprockets (2.2.2)
      hike (~> 1.2)
      multi_json (~> 1.0)
      rack (~> 1.0)
      tilt (~> 1.1, != 1.3.0)
    state_machine (1.2.0)
    subexec (0.2.3)
    therubyrhino (2.0.3)
      therubyrhino_jar (>= 1.7.3)
    therubyrhino_jar (1.7.4)
    thor (0.18.1)
    thread_safe (0.1.3)
      atomic
    thread_safe (0.1.3-java)
      atomic
    tilt (1.4.1)
    treetop (1.4.15)
      polyglot
      polyglot (>= 0.3.1)
    tzinfo (0.3.38)
    uglifier (2.3.1)
      execjs (>= 0.3.0)
      json (>= 1.8.0)
    unf (0.1.3)
      unf_ext
    unf (0.1.3-java)
    unf_ext (0.0.6)
    warden (1.2.3)
      rack (>= 1.0)

PLATFORMS
  java
  ruby

DEPENDENCIES
  activerecord-jdbcpostgresql-adapter
  awesome_print
  bugsnag
  carrierwave
  dalli
  darstellung
  devise
  eventmachine (~> 1.0.3)
  execjs
  fb-channel-file
  figaro
  fog
  foreigner
  geocoder
  google_movies
  gravtastic
  jquery-rails
  kaminari
  koala
  log4r
  masonry-rails
  memcachier
  meta-tags
  mini_magick
  mocha
  mongo
  mongoid
  netflix4r
  newrelic_rpm (= 3.5.6.55)
  nokogiri
  omniauth-facebook
  omniauth-google-oauth2
  omniauth-netflix
  omniauth-twitter
  omniauth-vimeo
  puma
  pusher
  rabl
  rack-block
  rack-iframe
  rails
  rapns
  rest-client
  sass-rails (~> 3.2.3)
  simple_form
  sitemap_generator
  state_machine
  therubyrhino
  uglifier (>= 1.0.3)
  unf
